GEM
  remote: https://rubygems.org/
  specs:
    rake (0.9.2.2)
    spruz (0.2.13)

PLATFORMS
  java
  ruby

DEPENDENCIES
  rake (~> 0.9.2)
  spruz
